PATH
  remote: .
  specs:
    book_of_orcharding (0.0.1)
      roar

GEM
  remote: https://rubygems.org/
  specs:
    builder (3.0.0)
    ci_reporter (1.7.0)
      builder (>= 2.1.2)
    diff-lcs (1.1.3)
    json (1.7.3)
    multi_json (1.3.6)
    nokogiri (1.5.4)
    representable (1.2.3)
      json
      nokogiri
    roar (0.11.2)
      representable (>= 1.2.2)
    rspec (2.10.0)
      rspec-core (~> 2.10.0)
      rspec-expectations (~> 2.10.0)
      rspec-mocks (~> 2.10.0)
    rspec-core (2.10.1)
    rspec-expectations (2.10.0)
      diff-lcs (~> 1.1.3)
    rspec-mocks (2.10.1)
    simplecov (0.6.4)
      multi_json (~> 1.0)
      simplecov-html (~> 0.5.3)
    simplecov-html (0.5.3)
    simplecov-rcov (0.2.3)
      simplecov (>= 0.4.1)

PLATFORMS
  ruby

DEPENDENCIES
  book_of_orcharding!
  ci_reporter
  rspec
  simplecov
  simplecov-rcov
