PATH
  remote: .
  specs:
    book_of_orcharding (0.0.1)
      roar

GEM
  remote: https://rubygems.org/
  specs:
    builder (3.0.4)
    ci_reporter (1.7.3)
      builder (>= 2.1.2)
    diff-lcs (1.1.3)
    json (1.7.5)
    json_spec (1.0.3)
      multi_json (~> 1.0)
      rspec (~> 2.0)
    multi_json (1.3.7)
    nokogiri (1.5.5)
    representable (1.2.8)
      json
      nokogiri
    roar (0.11.4)
      representable (>= 1.2.8)
    rspec (2.12.0)
      rspec-core (~> 2.12.0)
      rspec-expectations (~> 2.12.0)
      rspec-mocks (~> 2.12.0)
    rspec-core (2.12.0)
    rspec-expectations (2.12.0)
      diff-lcs (~> 1.1.3)
    rspec-mocks (2.12.0)
    simplecov (0.7.1)
      multi_json (~> 1.0)
      simplecov-html (~> 0.7.1)
    simplecov-html (0.7.1)
    simplecov-rcov (0.2.3)
      simplecov (>= 0.4.1)

PLATFORMS
  ruby

DEPENDENCIES
  book_of_orcharding!
  ci_reporter
  json_spec
  rspec
  simplecov
  simplecov-rcov
