PATH
  remote: .
  specs:
    book_of_orcharding (0.0.1)
      roar

GEM
  remote: https://rubygems.org/
  specs:
    builder (3.0.0)
    ci_reporter (1.7.0)
      builder (>= 2.1.2)
    diff-lcs (1.1.3)
    json (1.7.3)
    multi_json (1.3.2)
    nokogiri (1.5.2)
    representable (1.1.7)
      json
      nokogiri
    roar (0.10.2)
      representable (>= 1.1.7)
    rspec (2.9.0)
      rspec-core (~> 2.9.0)
      rspec-expectations (~> 2.9.0)
      rspec-mocks (~> 2.9.0)
    rspec-core (2.9.0)
    rspec-expectations (2.9.1)
      diff-lcs (~> 1.1.3)
    rspec-mocks (2.9.0)
    simplecov (0.6.2)
      multi_json (~> 1.3)
      simplecov-html (~> 0.5.3)
    simplecov-html (0.5.3)
    simplecov-rcov (0.2.3)
      simplecov (>= 0.4.1)

PLATFORMS
  ruby

DEPENDENCIES
  book_of_orcharding!
  ci_reporter
  rspec
  simplecov
  simplecov-rcov
