PATH
  remote: ../book_of_orcharding
  specs:
    book_of_orcharding (0.0.1)
      roar

GEM
  remote: https://rubygems.org/
  specs:
    actionmailer (3.2.9)
      actionpack (= 3.2.9)
      mail (~> 2.4.4)
    actionpack (3.2.9)
      activemodel (= 3.2.9)
      activesupport (= 3.2.9)
      builder (~> 3.0.0)
      erubis (~> 2.7.0)
      journey (~> 1.0.4)
      rack (~> 1.4.0)
      rack-cache (~> 1.2)
      rack-test (~> 0.6.1)
      sprockets (~> 2.2.1)
    active_attr (0.6.0)
      activemodel (>= 3.0.2, < 4.1)
      activesupport (>= 3.0.2, < 4.1)
    activemodel (3.2.9)
      activesupport (= 3.2.9)
      builder (~> 3.0.0)
    activerecord (3.2.9)
      activemodel (= 3.2.9)
      activesupport (= 3.2.9)
      arel (~> 3.0.2)
      tzinfo (~> 0.3.29)
    activeresource (3.2.9)
      activemodel (= 3.2.9)
      activesupport (= 3.2.9)
    activesupport (3.2.9)
      i18n (~> 0.6)
      multi_json (~> 1.0)
    arel (3.0.2)
    builder (3.0.4)
    coffee-rails (3.2.2)
      coffee-script (>= 2.2.0)
      railties (~> 3.2.0)
    coffee-script (2.2.0)
      coffee-script-source
      execjs
    coffee-script-source (1.4.0)
    commonjs (0.2.6)
    erubis (2.7.0)
    execjs (1.4.0)
      multi_json (~> 1.0)
    faraday (0.8.4)
      multipart-post (~> 1.1)
    haml (3.1.7)
    haml-rails (0.3.5)
      actionpack (>= 3.1, < 4.1)
      activesupport (>= 3.1, < 4.1)
      haml (~> 3.1)
      railties (>= 3.1, < 4.1)
    hike (1.2.1)
    hooks (0.2.2)
    i18n (0.6.1)
    journey (1.0.4)
    jquery-rails (2.1.3)
      railties (>= 3.1.0, < 5.0)
      thor (~> 0.14)
    json (1.7.5)
    less (2.2.2)
      commonjs (~> 0.2.6)
    less-rails (2.2.3)
      actionpack (>= 3.1)
      less (~> 2.2.0)
    libv8 (3.3.10.4)
    mail (2.4.4)
      i18n (>= 0.4.0)
      mime-types (~> 1.16)
      treetop (~> 1.4.8)
    mime-types (1.19)
    multi_json (1.3.7)
    multipart-post (1.1.5)
    nokogiri (1.5.5)
    polyglot (0.3.3)
    rack (1.4.1)
    rack-cache (1.2)
      rack (>= 0.4)
    rack-ssl (1.3.2)
      rack
    rack-test (0.6.2)
      rack (>= 1.0)
    rails (3.2.9)
      actionmailer (= 3.2.9)
      actionpack (= 3.2.9)
      activerecord (= 3.2.9)
      activeresource (= 3.2.9)
      activesupport (= 3.2.9)
      bundler (~> 1.0)
      railties (= 3.2.9)
    railties (3.2.9)
      actionpack (= 3.2.9)
      activesupport (= 3.2.9)
      rack-ssl (~> 1.3.2)
      rake (>= 0.8.7)
      rdoc (~> 3.4)
      thor (>= 0.14.6, < 2.0)
    rake (10.0.2)
    rdoc (3.12)
      json (~> 1.4)
    representable (1.3.1)
      json
      nokogiri
    roar (0.11.9)
      representable (>= 1.2.8)
    roar-rails (0.0.10)
      actionpack (~> 3.0)
      hooks
      railties (~> 3.0)
      roar (~> 0.10)
      test_xml
    sass (3.2.3)
    sass-rails (3.2.5)
      railties (~> 3.2.0)
      sass (>= 3.1.10)
      tilt (~> 1.3)
    sprockets (2.2.1)
      hike (~> 1.2)
      multi_json (~> 1.0)
      rack (~> 1.0)
      tilt (~> 1.1, != 1.3.0)
    test_xml (0.1.2)
      nokogiri (>= 1.3.2)
    therubyracer (0.10.2)
      libv8 (~> 3.3.10)
    thor (0.16.0)
    tilt (1.3.3)
    treetop (1.4.12)
      polyglot
      polyglot (>= 0.3.1)
    twitter-bootstrap-rails (2.1.6)
      actionpack (>= 3.1)
      execjs
      railties (>= 3.1)
    tzinfo (0.3.35)
    uglifier (1.3.0)
      execjs (>= 0.3.0)
      multi_json (~> 1.0, >= 1.0.2)

PLATFORMS
  ruby

DEPENDENCIES
  active_attr
  book_of_orcharding!
  coffee-rails (~> 3.2.1)
  faraday
  haml
  haml-rails
  jquery-rails
  less-rails
  rails (= 3.2.9)
  roar (>= 0.11.9)
  roar-rails
  sass-rails (~> 3.2.3)
  therubyracer
  twitter-bootstrap-rails
  uglifier (>= 1.0.3)
