PATH
  remote: .
  specs:
    fruit_orchard (0.0.1)

GEM
  remote: https://rubygems.org/
  specs:
    builder (3.1.4)
    ci_reporter (1.7.3)
      builder (>= 2.1.2)
    diff-lcs (1.1.3)
    multi_json (1.3.7)
    rspec (2.12.0)
      rspec-core (~> 2.12.0)
      rspec-expectations (~> 2.12.0)
      rspec-mocks (~> 2.12.0)
    rspec-core (2.12.0)
    rspec-expectations (2.12.0)
      diff-lcs (~> 1.1.3)
    rspec-mocks (2.12.0)
    simplecov (0.7.1)
      multi_json (~> 1.0)
      simplecov-html (~> 0.7.1)
    simplecov-html (0.7.1)
    simplecov-rcov (0.2.3)
      simplecov (>= 0.4.1)

PLATFORMS
  ruby

DEPENDENCIES
  ci_reporter
  fruit_orchard!
  rspec
  simplecov
  simplecov-rcov
